GIT
  remote: git://github.com/bernat/best_in_place.git
  revision: 52c795fefa378d999653443f07c68af2633afd0b
  branch: rails-4
  specs:
    best_in_place (2.0.3)
      jquery-rails
      rails (~> 4)

GIT
  remote: git://github.com/mfpiccolo/pliable.git
  revision: 830e1fc9267b74bd486b40fb3d566529d30bdb52
  specs:
    pliable (0.2.1)
      pg (>= 0.17)
      rails (>= 4.0)

GIT
  remote: git://github.com/rails/arel.git
  revision: 66cee768bc163537087037a583f60639eae49fc3
  specs:
    arel (6.0.0.20140505020427)

GIT
  remote: git://github.com/rails/rails.git
  revision: 4bf8ffc6516312e68fb0d2b4ac97505f8d0cf192
  ref: 4bf8ffc6516312e68fb0d2b4ac97505f8d0cf192
  specs:
    actionmailer (4.2.0.alpha)
      actionpack (= 4.2.0.alpha)
      actionview (= 4.2.0.alpha)
      mail (~> 2.5, >= 2.5.4)
    actionpack (4.2.0.alpha)
      actionview (= 4.2.0.alpha)
      activesupport (= 4.2.0.alpha)
      rack (~> 1.5.2)
      rack-test (~> 0.6.2)
    actionview (4.2.0.alpha)
      activesupport (= 4.2.0.alpha)
      builder (~> 3.1)
      erubis (~> 2.7.0)
    activemodel (4.2.0.alpha)
      activesupport (= 4.2.0.alpha)
      builder (~> 3.1)
    activerecord (4.2.0.alpha)
      activemodel (= 4.2.0.alpha)
      activesupport (= 4.2.0.alpha)
      arel (~> 6.0.0)
    activesupport (4.2.0.alpha)
      i18n (~> 0.6, >= 0.6.9)
      json (~> 1.7, >= 1.7.7)
      minitest (~> 5.1)
      thread_safe (~> 0.1)
      tzinfo (~> 1.1)
    rails (4.2.0.alpha)
      actionmailer (= 4.2.0.alpha)
      actionpack (= 4.2.0.alpha)
      actionview (= 4.2.0.alpha)
      activemodel (= 4.2.0.alpha)
      activerecord (= 4.2.0.alpha)
      activesupport (= 4.2.0.alpha)
      bundler (>= 1.3.0, < 2.0)
      railties (= 4.2.0.alpha)
      sprockets-rails (~> 2.1)
    railties (4.2.0.alpha)
      actionpack (= 4.2.0.alpha)
      activesupport (= 4.2.0.alpha)
      rake (>= 0.8.7)
      thor (>= 0.18.1, < 2.0)

PATH
  remote: ../../mfpiccolo/self_systeem
  specs:
    self_systeem (0.1.0)
      database_cleaner (~> 1.2)
      minitest (>= 4.5, <= 5.3.3)
      rails (>= 4.0)

GEM
  remote: http://rubygems.org/
  specs:
    bcrypt (3.1.7)
    better_errors (1.1.0)
      coderay (>= 1.0.0)
      erubis (>= 2.6.6)
    binding_of_caller (0.7.2)
      debug_inspector (>= 0.0.1)
    builder (3.2.2)
    byebug (2.7.0)
      columnize (~> 0.3)
      debugger-linecache (~> 1.2)
    cane (2.6.2)
      parallel
    carrierwave (0.9.0)
      activemodel (>= 3.2.0)
      activesupport (>= 3.2.0)
      json (>= 1.7)
    celluloid (0.15.2)
      timers (~> 1.1.0)
    coderay (1.1.0)
    coffee-rails (4.0.1)
      coffee-script (>= 2.2.0)
      railties (>= 4.0.0, < 5.0)
    coffee-script (2.2.0)
      coffee-script-source
      execjs
    coffee-script-source (1.7.0)
    columnize (0.8.9)
    daemons (1.1.9)
    database_cleaner (1.2.0)
    debug_inspector (0.0.2)
    debugger-linecache (1.2.0)
    devise (3.2.4)
      bcrypt (~> 3.0)
      orm_adapter (~> 0.1)
      railties (>= 3.2.6, < 5)
      thread_safe (~> 0.1)
      warden (~> 1.2.3)
    docile (1.1.5)
    dotenv (0.11.1)
      dotenv-deployment (~> 0.0.2)
    dotenv-deployment (0.0.2)
    dotenv-rails (0.11.1)
      dotenv (= 0.11.1)
    erubis (2.7.0)
    eventmachine (1.0.3)
    excon (0.13.4)
    execjs (2.2.0)
    factory_girl (4.2.0)
      activesupport (>= 3.0.0)
    factory_girl_rails (4.2.1)
      factory_girl (~> 4.2.0)
      railties (>= 3.0.0)
    faraday (0.8.9)
      multipart-post (~> 1.2.0)
    ffi (1.9.3)
    fog (1.3.1)
      builder
      excon (~> 0.13.0)
      formatador (~> 0.2.0)
      mime-types
      multi_json (~> 1.0)
      net-scp (~> 1.0.4)
      net-ssh (>= 2.1.3)
      nokogiri (~> 1.5.0)
      ruby-hmac
    font-awesome-rails (4.1.0.0)
      railties (>= 3.2, < 5.0)
    formatador (0.2.5)
    foundation-rails (5.3.3.0)
      railties (>= 3.1.0)
      sass (>= 3.2.0)
    guard (2.6.1)
      formatador (>= 0.2.4)
      listen (~> 2.7)
      lumberjack (~> 1.0)
      pry (>= 0.9.12)
      thor (>= 0.18.1)
    guard-minitest (2.2.0)
      guard (~> 2.0)
      minitest (>= 3.0)
    hashie (2.1.1)
    hike (1.2.3)
    i18n (0.6.11)
    jquery-rails (3.1.1)
      railties (>= 3.0, < 5.0)
      thor (>= 0.14, < 2.0)
    jquery-ui-rails (5.0.0)
      railties (>= 3.2.16)
    json (1.8.1)
    kaminari (0.16.1)
      actionpack (>= 3.0.0)
      activesupport (>= 3.0.0)
    listen (2.7.9)
      celluloid (>= 0.15.2)
      rb-fsevent (>= 0.9.3)
      rb-inotify (>= 0.9)
    lumberjack (1.0.9)
    mail (2.6.1)
      mime-types (>= 1.16, < 3)
    metaclass (0.0.4)
    method_source (0.8.2)
    mime-types (2.3)
    minitest (5.3.3)
    minitest-rails (2.0.3)
      minitest (>= 5.3.3, < 6.0)
      railties (~> 4.1)
    mocha (0.14.0)
      metaclass (~> 0.0.1)
    money (5.1.1)
      i18n (~> 0.6.0)
    money-rails (0.8.1)
      activesupport (>= 3.0)
      money (~> 5.1.0)
      railties (>= 3.0)
    multi_json (1.10.1)
    multipart-post (1.2.0)
    net-scp (1.0.6)
      net-ssh (>= 2.6.5)
    net-ssh (2.9.1)
    nokogiri (1.5.11)
    orm_adapter (0.5.0)
    paper_trail (3.0.3)
      activerecord (>= 3.0, < 5.0)
      activesupport (>= 3.0, < 5.0)
    parallel (1.1.2)
    pg (0.17.1)
    pg_search (0.7.6)
      activerecord (>= 3.1)
      activesupport (>= 3.1)
      arel
    pry (0.9.12.6)
      coderay (~> 1.0)
      method_source (~> 0.8)
      slop (~> 3.4)
    pry-byebug (1.3.2)
      byebug (~> 2.7)
      pry (~> 0.9.12)
    quiet_assets (1.0.3)
      railties (>= 3.1, < 5.0)
    rack (1.5.2)
    rack-test (0.6.2)
      rack (>= 1.0)
    rails_12factor (0.0.2)
      rails_serve_static_assets
      rails_stdout_logging
    rails_layout (1.0.20)
    rails_serve_static_assets (0.0.2)
    rails_stdout_logging (0.0.3)
    rake (10.3.2)
    rb-fsevent (0.9.4)
    rb-inotify (0.9.5)
      ffi (>= 0.5.0)
    rmagick (2.13.2)
    ruby-hmac (0.4.0)
    sass (3.3.14)
    simple_form (3.0.2)
      actionpack (~> 4.0)
      activemodel (~> 4.0)
    simplecov (0.9.0)
      docile (~> 1.1.0)
      multi_json
      simplecov-html (~> 0.8.0)
    simplecov-html (0.8.0)
    slop (3.5.0)
    sprockets (2.12.1)
      hike (~> 1.2)
      multi_json (~> 1.0)
      rack (~> 1.0)
      tilt (~> 1.1, != 1.3.0)
    sprockets-rails (2.1.3)
      actionpack (>= 3.0)
      activesupport (>= 3.0)
      sprockets (~> 2.8)
    sqlite3 (1.3.9)
    terminal-notifier-guard (1.5.3)
    thin (1.6.2)
      daemons (>= 1.0.9)
      eventmachine (>= 1.0.0)
      rack (>= 1.0.0)
    thor (0.19.1)
    thread_safe (0.3.4)
    tilt (1.4.1)
    timers (1.1.0)
    turbolinks (2.2.2)
      coffee-rails
    tzinfo (1.2.1)
      thread_safe (~> 0.1)
    uglifier (2.5.1)
      execjs (>= 0.3.0)
      json (>= 1.8.0)
    warden (1.2.3)
      rack (>= 1.0)
    xml-simple (1.1.4)

PLATFORMS
  ruby

DEPENDENCIES
  arel!
  best_in_place!
  better_errors
  binding_of_caller
  cane (~> 2.6)
  carrierwave
  database_cleaner (= 1.2)
  devise (~> 3.2.4)
  dotenv-rails
  factory_girl_rails (~> 4.2.1)
  faraday
  fog (~> 1.3.1)
  font-awesome-rails (~> 4.1.0.0)
  foundation-rails (~> 5.3.3.0)
  guard-minitest (~> 2.2.0)
  hashie
  jquery-rails (~> 3.1.1)
  jquery-ui-rails (~> 5.0.0)
  json
  kaminari (~> 0.16.1)
  minitest (~> 5.3.3)
  minitest-rails (~> 2.0.0)
  mocha (~> 0.14)
  money-rails
  paper_trail (~> 3.0.3)
  pg (~> 0.17.1)
  pg_search
  pliable!
  pry-byebug
  quiet_assets
  rails!
  rails_12factor
  rails_layout
  rmagick (= 2.13.2)
  self_systeem!
  simple_form (~> 3.0.0)
  simplecov (~> 0.8)
  sqlite3
  terminal-notifier-guard (~> 1.5)
  thin
  turbolinks
  uglifier
  xml-simple
